GEM
  remote: https://rubygems.org/
  specs:
    RedCloth (4.3.2)
    addressable (2.8.0)
      public_suffix (>= 2.0.2, < 5.0)
    compass-core (1.0.3)
      multi_json (~> 1.0)
      sass (>= 3.3.0, < 3.5)
    compass-import-once (1.0.5)
      sass (>= 3.2, < 3.5)
    crass (1.0.4)
    daemons (1.3.1)
    eventmachine (1.2.7)
    faye-websocket (0.7.5)
      eventmachine (>= 0.12.0)
      websocket-driver (>= 0.3.5)
    json (2.2.0)
    kramdown (1.7.0)
    mini_portile2 (2.4.0)
    multi_json (1.13.1)
    nokogiri (1.10.3)
      mini_portile2 (~> 2.4.0)
    public_suffix (4.0.6)
    rack (2.0.7)
    rack-mount (0.8.3)
      rack (>= 1.0.0)
    rhet-butler (0.14.0)
      RedCloth (~> 4.3.0)
      addressable
      compass-core (~> 1.0.0)
      compass-import-once (~> 1.0.1)
      crass
      kramdown (~> 1.7.0)
      nokogiri
      rack (> 0)
      rqrcode (~> 0.4.2)
      sockjs (~> 0.3.4)
      system-getifaddrs (~> 0.2.0)
      thin (> 0)
      thor (> 0)
      tilt (< 2.0)
      valise (~> 1.0)
    rqrcode (0.4.2)
    sass (3.4.25)
    sockjs (0.3.4.0)
      faye-websocket (~> 0.7.1)
      json
      rack
      rack-mount (~> 0.8.3)
      thin
    system-getifaddrs (0.2.1)
    thin (1.7.2)
      daemons (~> 1.0, >= 1.0.9)
      eventmachine (~> 1.0, >= 1.0.4)
      rack (>= 1, < 3)
    thor (0.20.3)
    tilt (1.4.1)
    valise (1.2.1)
    websocket-driver (0.7.0)
      websocket-extensions (>= 0.1.0)
    websocket-extensions (0.1.3)

PLATFORMS
  ruby

DEPENDENCIES
  rhet-butler (= 0.14.0)

BUNDLED WITH
   1.16.3
